GEM
  remote: https://rubygems.org/
  specs:
    activemodel (6.0.3.1)
      activesupport (= 6.0.3.1)
    activesupport (6.0.3.1)
      concurrent-ruby (~> 1.0, >= 1.0.2)
      i18n (>= 0.7, < 2)
      minitest (~> 5.1)
      tzinfo (~> 1.1)
      zeitwerk (~> 2.2, >= 2.2.2)
    concurrent-ruby (1.1.6)
    connection_pool (2.2.2)
    elasticsearch (7.7.0)
      elasticsearch-api (= 7.7.0)
      elasticsearch-transport (= 7.7.0)
    elasticsearch-api (7.7.0)
      multi_json
    elasticsearch-model (7.0.0.pre)
      activesupport (> 3)
      elasticsearch (> 1)
      hashie
    elasticsearch-persistence (7.0.0.pre)
      activemodel (> 4)
      activesupport (> 4)
      elasticsearch (~> 7)
      elasticsearch-model (= 7.0.0.pre)
      hashie
    elasticsearch-transport (7.7.0)
      faraday (~> 1)
      multi_json
    faraday (1.0.1)
      multipart-post (>= 1.2, < 3)
    hashie (4.1.0)
    i18n (1.8.2)
      concurrent-ruby (~> 1.0)
    minitest (5.14.1)
    multi_json (1.14.1)
    multipart-post (2.1.1)
    rack (2.0.7)
    rack-protection (2.0.5)
      rack
    redis (4.1.2)
    sidekiq (5.2.7)
      connection_pool (~> 2.2, >= 2.2.2)
      rack (>= 1.5.0)
      rack-protection (>= 1.5.0)
      redis (>= 3.3.5, < 5)
    thread_safe (0.3.6)
    tzinfo (1.2.7)
      thread_safe (~> 0.1)
    zeitwerk (2.3.0)

PLATFORMS
  ruby

DEPENDENCIES
  elasticsearch-persistence (= 7.0.0.pre)
  redis
  sidekiq

BUNDLED WITH
   1.17.2
